PATH
  remote: .
  specs:
    aemninja (0.0.1)

GEM
  remote: https://rubygems.org/
  specs:
    rake (10.4.2)

PLATFORMS
  ruby

DEPENDENCIES
  aemninja!
  bundler (~> 1.13)
  rake (~> 10.0)

BUNDLED WITH
   1.13.7
